GEM
  remote: https://rubygems.org/
  specs:
    concurrent-ruby (1.1.9)
    multi_json (1.15.0)
    mustermann (1.1.1)
      ruby2_keywords (~> 0.0.1)
    rack (2.2.3)
    rack-protection (2.1.0)
      rack
    ruby2_keywords (0.0.5)
    sinatra (2.1.0)
      mustermann (~> 1.0)
      rack (~> 2.2)
      rack-protection (= 2.1.0)
      tilt (~> 2.0)
    sinatra-contrib (2.1.0)
      multi_json
      mustermann (~> 1.0)
      rack-protection (= 2.1.0)
      sinatra (= 2.1.0)
      tilt (~> 2.0)
    tilt (2.0.10)
    tzinfo (2.0.4)
      concurrent-ruby (~> 1.0)

PLATFORMS
  x86_64-darwin-20
  x86_64-linux

DEPENDENCIES
  sinatra
  sinatra-contrib
  tzinfo

BUNDLED WITH
   2.2.3
